PATH
  remote: .
  specs:
    hash_to_excel_creator (0.0.0)
      axlsx (~> 2.1.0.pre)
      bundler (~> 1.15)
      rake (~> 12.0)

GEM
  remote: https://rubygems.org/
  specs:
    axlsx (2.1.0.pre)
      htmlentities (~> 4.3.1)
      nokogiri (>= 1.4.1)
      rubyzip (~> 1.1.7)
    htmlentities (4.3.4)
    mini_portile2 (2.3.0)
    nokogiri (1.8.1)
      mini_portile2 (~> 2.3.0)
    rake (12.3.0)
    rubyzip (1.1.7)

PLATFORMS
  ruby

DEPENDENCIES
  hash_to_excel_creator!

BUNDLED WITH
   1.16.1
